GEM
  remote: http://rubygems.org/
  specs:
    addressable (2.2.6)
    blankslate (2.1.2.4)
    bluecloth (2.2.0)
    em-websocket (0.3.5)
      addressable (>= 2.1.1)
      eventmachine (>= 0.12.9)
    eventmachine (0.12.10)
    ffi (1.0.10)
    gli (1.3.5)
    guard (0.8.8)
      thor (~> 0.14.6)
    guard-livereload (0.3.1)
      em-websocket (>= 0.2.0)
      guard (>= 0.4.0)
      multi_json (~> 1.0.3)
    heroku (2.11.0)
      launchy (>= 0.3.2)
      rest-client (~> 1.6.1)
      rubyzip
      term-ansicolor (~> 1.0.5)
    json (1.6.1)
    launchy (2.0.5)
      addressable (~> 2.2.6)
    mime-types (1.17.2)
    multi_json (1.0.3)
    nokogiri (1.5.0)
    parslet (1.2.3)
      blankslate (~> 2.0)
    pdfkit (0.5.2)
    rack (1.3.5)
    rack-protection (1.1.4)
      rack
    rb-inotify (0.8.8)
      ffi (>= 0.5.0)
    rest-client (1.6.7)
      mime-types (>= 1.16)
    rmagick (2.13.1)
    rubyzip (0.9.4)
    showoff (0.7.0)
      bluecloth
      gli (>= 1.3.2)
      json
      nokogiri
      parslet
      sinatra
    sinatra (1.3.1)
      rack (~> 1.3, >= 1.3.4)
      rack-protection (~> 1.1, >= 1.1.2)
      tilt (~> 1.3, >= 1.3.3)
    term-ansicolor (1.0.7)
    thor (0.14.6)
    tilt (1.3.3)

PLATFORMS
  ruby

DEPENDENCIES
  bluecloth
  gli
  guard
  guard-livereload
  heroku
  nokogiri
  pdfkit
  rb-inotify
  rmagick
  showoff
